GEM
  remote: https://rubygems.org/
  specs:
    gosu (0.10.4)

PLATFORMS
  ruby

DEPENDENCIES
  gosu (= 0.10.4)
